PATH
  remote: .
  specs:
    http_server_manager (0.2.0)
      rake (~> 10.1.0)
      sys-proctree (~> 0.0.4)
      wait_until (~> 0.0.1)

GEM
  remote: http://rubygems.org/
  specs:
    diff-lcs (1.2.4)
    flog (3.2.3)
      ruby_parser (~> 3.1, > 3.1.0)
      sexp_processor (~> 4.0)
    hashr (0.0.22)
    multi_json (1.7.9)
    rack (1.5.2)
    rake (10.1.0)
    rspec (2.14.1)
      rspec-core (~> 2.14.0)
      rspec-expectations (~> 2.14.0)
      rspec-mocks (~> 2.14.0)
    rspec-core (2.14.5)
    rspec-expectations (2.14.1)
      diff-lcs (>= 1.1.3, < 2.0)
    rspec-mocks (2.14.3)
    ruby_parser (3.2.2)
      sexp_processor (~> 4.1)
    sexp_processor (4.2.1)
    simplecov (0.7.1)
      multi_json (~> 1.0)
      simplecov-html (~> 0.7.1)
    simplecov-html (0.7.1)
    sys-proctable (0.9.3)
    sys-proctree (0.0.4)
      sys-proctable (~> 0.9.2)
    travis-lint (1.6.0)
      hashr (~> 0.0.22)
    wait_until (0.0.1)

PLATFORMS
  ruby

DEPENDENCIES
  flog (~> 3.2.2)
  http_server_manager!
  rack (~> 1.5.2)
  rspec (~> 2.12)
  simplecov (~> 0.7.1)
  travis-lint (~> 1.6.0)
