PATH
  remote: .
  specs:
    http_server_manager (0.4.11)
      rake (~> 11.1)
      sys-proctree (~> 0.0)
      wait_until (~> 0.1)

GEM
  remote: http://rubygems.org/
  specs:
    diff-lcs (1.2.5)
    docile (1.1.5)
    json (1.8.3)
    rack (1.6.4)
    rake (11.1.2)
    rspec (3.4.0)
      rspec-core (~> 3.4.0)
      rspec-expectations (~> 3.4.0)
      rspec-mocks (~> 3.4.0)
    rspec-core (3.4.4)
      rspec-support (~> 3.4.0)
    rspec-expectations (3.4.0)
      diff-lcs (>= 1.2.0, < 2.0)
      rspec-support (~> 3.4.0)
    rspec-mocks (3.4.1)
      diff-lcs (>= 1.2.0, < 2.0)
      rspec-support (~> 3.4.0)
    rspec-support (3.4.1)
    simplecov (0.11.2)
      docile (~> 1.1.0)
      json (~> 1.8)
      simplecov-html (~> 0.10.0)
    simplecov-html (0.10.0)
    sys-proctable (1.0.0)
    sys-proctree (0.0.8)
      sys-proctable (>= 0.9.8)
    travis-lint (2.0.0)
      json
    wait_until (0.1.2)

PLATFORMS
  ruby

DEPENDENCIES
  http_server_manager!
  rack (~> 1.6)
  rspec (~> 3.4)
  simplecov (~> 0.11)
  travis-lint (~> 2.0)

BUNDLED WITH
   1.11.2
