PATH
  remote: .
  specs:
    http_server_manager (0.5.0)
      rake (>= 10.4)
      sys-proctree (~> 0.0)
      wait_until (~> 0.3)

GEM
  remote: http://rubygems.org/
  specs:
    ast (2.3.0)
    diff-lcs (1.2.5)
    docile (1.1.5)
    json (2.0.2)
    parser (2.3.1.4)
      ast (~> 2.2)
    powerpack (0.1.1)
    rack (1.6.4)
    rainbow (2.1.0)
    rake (11.3.0)
    rspec (3.5.0)
      rspec-core (~> 3.5.0)
      rspec-expectations (~> 3.5.0)
      rspec-mocks (~> 3.5.0)
    rspec-core (3.5.4)
      rspec-support (~> 3.5.0)
    rspec-expectations (3.5.0)
      diff-lcs (>= 1.2.0, < 2.0)
      rspec-support (~> 3.5.0)
    rspec-mocks (3.5.0)
      diff-lcs (>= 1.2.0, < 2.0)
      rspec-support (~> 3.5.0)
    rspec-support (3.5.0)
    rubocop (0.44.1)
      parser (>= 2.3.1.1, < 3.0)
      powerpack (~> 0.1)
      rainbow (>= 1.99.1, < 3.0)
      ruby-progressbar (~> 1.7)
      unicode-display_width (~> 1.0, >= 1.0.1)
    ruby-progressbar (1.8.1)
    simplecov (0.12.0)
      docile (~> 1.1.0)
      json (>= 1.8, < 3)
      simplecov-html (~> 0.10.0)
    simplecov-html (0.10.0)
    sys-proctable (1.0.0)
    sys-proctree (0.0.10)
      sys-proctable (= 1.0.0)
    travis-lint (2.0.0)
      json
    unicode-display_width (1.1.1)
    wait_until (0.3.0)

PLATFORMS
  ruby

DEPENDENCIES
  http_server_manager!
  rack (~> 1.6)
  rspec (~> 3.5)
  rubocop (~> 0.44)
  simplecov (~> 0.12)
  travis-lint (~> 2.0)

BUNDLED WITH
   1.13.5
